GEM
  remote: https://rubygems.org/
  specs:
    cinch (2.3.4)
    htmlentities (4.3.4)
    nokogiri (1.16.5-x86_64-darwin)
      racc (~> 1.4)
    nokogiri (1.16.5-x86_64-linux)
      racc (~> 1.4)
    racc (1.7.3)

PLATFORMS
  x86_64-darwin-22
  x86_64-linux

DEPENDENCIES
  cinch
  htmlentities
  nokogiri

BUNDLED WITH
   2.4.6
